GEM
  remote: https://rubygems.org/
  specs:
    base64 (0.2.0)
    dotenv (3.1.4)
    encryptor (3.0.0)
    json (2.8.2)
    jwt (2.9.3)
      base64
    mustermann (3.0.3)
      ruby2_keywords (~> 0.0.1)
    nio4r (2.7.4)
    puma (6.4.3)
      nio4r (~> 2.0)
    rack (3.1.8)
    rack-protection (4.0.0)
      base64 (>= 0.1.0)
      rack (>= 3.0.0, < 4)
    rack-session (2.0.0)
      rack (>= 3.0.0)
    rackup (2.2.1)
      rack (>= 3)
    ruby2_keywords (0.0.5)
    sinatra (4.0.0)
      mustermann (~> 3.0)
      rack (>= 3.0.0, < 4)
      rack-protection (= 4.0.0)
      rack-session (>= 2.0.0, < 3)
      tilt (~> 2.0)
    tilt (2.4.0)
    workos (5.9.0)
      encryptor (~> 3.0)
      jwt (~> 2.8)

PLATFORMS
  arm64-darwin-24
  ruby

DEPENDENCIES
  dotenv (~> 3.1)
  json (~> 2.8)
  puma (~> 6.4)
  rackup (~> 2.2)
  sinatra (~> 4.0)
  workos (~> 5.9)

BUNDLED WITH
   2.5.23
